NUGET
  remote: https://nuget.org/api/v2
  specs:
    MahApps.Metro (1.1.3-ALPHA196)
    MaterialDesignColors (1.1.1)
    MaterialDesignThemes (1.1.0-ci221)
      MaterialDesignColors (>= 1.1.1)
    Microsoft.Maps.MapControl.WPF (1.0.0.3)
