NUGET
  remote: https://nuget.org/api/v2
  specs:
    MahApps.Metro (1.1.3-ALPHA196)
